GIT
  remote: https://github.com/stellar/stellar_core_commander.git
  revision: 59cde2af715c9c264dacb77e608a5d61b7d41a88
  branch: master
  specs:
    stellar_core_commander (0.0.13)
      activesupport (~> 6)
      contracts (~> 0.16)
      faraday (~> 0.9.1)
      faraday_middleware (~> 0.9.1)
      pg (~> 0.18.1)
      pry (~> 0.11.3)
      sequel (~> 5.5.0)
      slop (~> 3.6.0)
      stellar-base (>= 0.17.0)
      stellar-sdk (>= 0.5.0)
      typhoeus (~> 0.8.0)

GIT
  remote: https://github.com/stellar/xdrgen.git
  revision: 6e42b01e1ceb25c251d4c4d45443d7e0f228822a
  branch: master
  specs:
    xdrgen (0.1.1)
      activesupport (~> 6)
      memoist (~> 0.11.0)
      slop (~> 3.4)
      treetop (~> 1.5.3)

GEM
  remote: https://rubygems.org/
  specs:
    activemodel (6.1.7.3)
      activesupport (= 6.1.7.3)
    activesupport (6.1.7.3)
      concurrent-ruby (~> 1.0, >= 1.0.2)
      i18n (>= 1.6, < 2)
      minitest (>= 5.1)
      tzinfo (~> 2.0)
      zeitwerk (~> 2.3)
    addressable (2.5.2)
      public_suffix (>= 2.0.2, < 4.0)
    base32 (0.3.4)
    citrus (3.0.2)
    coderay (1.1.2)
    concurrent-ruby (1.2.2)
    contracts (0.16.1)
    digest-crc (0.6.4)
      rake (>= 12.0.0, < 14.0.0)
    ethon (0.16.0)
      ffi (>= 1.15.0)
    excon (0.99.0)
    faraday (0.9.2)
      multipart-post (>= 1.2, < 3)
    faraday-digestauth (0.4.1)
      faraday (>= 0.7)
      net-http-digest_auth (~> 1.4)
    faraday_hal_middleware (0.1.1)
      faraday_middleware (>= 0.9)
    faraday_middleware (0.9.2)
      faraday (>= 0.7.4, < 0.10)
    ffi (1.15.5)
    hyperclient (0.9.3)
      addressable
      faraday (>= 0.9.0)
      faraday-digestauth (>= 0.3.0)
      faraday_hal_middleware
      faraday_middleware
      net-http-digest_auth
    i18n (1.12.0)
      concurrent-ruby (~> 1.0)
    memoist (0.11.0)
    method_source (0.9.0)
    minitest (5.18.0)
    multipart-post (2.3.0)
    net-http-digest_auth (1.4.1)
    netrc (0.11.0)
    octokit (4.8.0)
      sawyer (~> 0.8.0, >= 0.5.3)
    pg (0.18.4)
    polyglot (0.3.5)
    pry (0.11.3)
      coderay (~> 1.1.0)
      method_source (~> 0.9.0)
    public_suffix (3.0.1)
    rake (12.3.0)
    rbnacl (7.1.1)
      ffi
    sawyer (0.8.1)
      addressable (>= 2.3.5, < 2.6)
      faraday (~> 0.8, < 1.0)
    sequel (5.5.0)
    slop (3.6.0)
    stellar-base (0.32.0)
      activesupport (>= 5.0.0, < 8.0)
      base32 (>= 0.3.0, < 1.0)
      digest-crc (>= 0.5.0, < 1.0)
      rbnacl (>= 6.0.0, < 8.0)
      xdr (>= 3.0.3, < 4.0)
    stellar-sdk (0.8.0)
      activesupport (>= 5.0)
      contracts (~> 0.16)
      excon (~> 0.44, >= 0.44.4)
      hyperclient (~> 0.7)
      stellar-base (>= 0.22.0)
      toml-rb (~> 1.1, >= 1.1.1)
    toml-rb (1.1.2)
      citrus (~> 3.0, > 3.0)
    treetop (1.5.3)
      polyglot (~> 0.3)
    typhoeus (0.8.0)
      ethon (>= 0.8.0)
    tzinfo (2.0.6)
      concurrent-ruby (~> 1.0)
    xdr (3.0.3)
      activemodel (>= 4.2, < 8.0)
      activesupport (>= 4.2, < 8.0)
    zeitwerk (2.6.7)

PLATFORMS
  ruby

DEPENDENCIES
  netrc
  octokit
  pry
  rake
  stellar_core_commander!
  xdrgen!

BUNDLED WITH
   1.17.3
